GEM
  remote: https://rubygems.org/
  specs:
    addressable (2.6.0)
      public_suffix (>= 2.0.2, < 4.0)
    coderay (1.1.2)
    connection_pool (2.2.2)
    declarative (0.0.10)
    declarative-option (0.1.0)
    discordrb (3.3.0)
      discordrb-webhooks (~> 3.3.0)
      ffi (>= 1.9.24)
      opus-ruby
      rbnacl (~> 3.4.0)
      rest-client (>= 2.1.0.rc1)
      websocket-client-simple (>= 0.3.0)
    discordrb-webhooks (3.3.0)
      rest-client (>= 2.1.0.rc1)
    domain_name (0.5.20190701)
      unf (>= 0.0.5, < 1.0.0)
    event_emitter (0.2.6)
    faraday (0.15.4)
      multipart-post (>= 1.2, < 3)
    ffi (1.11.1)
    google-api-client (0.30.6)
      addressable (~> 2.5, >= 2.5.1)
      googleauth (>= 0.5, < 0.10.0)
      httpclient (>= 2.8.1, < 3.0)
      mini_mime (~> 1.0)
      representable (~> 3.0)
      retriable (>= 2.0, < 4.0)
      signet (~> 0.10)
    google_drive (3.0.3)
      google-api-client (>= 0.11.0, < 0.31.0)
      googleauth (>= 0.5.0, < 1.0.0)
      nokogiri (>= 1.5.3, < 2.0.0)
    googleauth (0.8.1)
      faraday (~> 0.12)
      jwt (>= 1.4, < 3.0)
      memoist (~> 0.16)
      multi_json (~> 1.11)
      os (>= 0.9, < 2.0)
      signet (~> 0.7)
    http-accept (1.7.0)
    http-cookie (1.0.3)
      domain_name (~> 0.5)
    httparty (0.17.0)
      mime-types (~> 3.0)
      multi_xml (>= 0.5.2)
    httpclient (2.8.3)
    jwt (2.2.1)
    mechanize (2.7.6)
      domain_name (~> 0.5, >= 0.5.1)
      http-cookie (~> 1.0)
      mime-types (>= 1.17.2)
      net-http-digest_auth (~> 1.1, >= 1.1.1)
      net-http-persistent (>= 2.5.2)
      nokogiri (~> 1.6)
      ntlm-http (~> 0.1, >= 0.1.1)
      webrobots (>= 0.0.9, < 0.2)
    memoist (0.16.0)
    method_source (0.9.2)
    mime-types (3.2.2)
      mime-types-data (~> 3.2015)
    mime-types-data (3.2019.0331)
    mini_mime (1.0.2)
    mini_portile2 (2.4.0)
    multi_json (1.13.1)
    multi_xml (0.6.0)
    multipart-post (2.1.1)
    net-http-digest_auth (1.4.1)
    net-http-persistent (3.0.1)
      connection_pool (~> 2.2)
    netrc (0.11.0)
    nokogiri (1.10.3)
      mini_portile2 (~> 2.4.0)
    ntlm-http (0.1.1)
    opus-ruby (1.0.1)
      ffi
    os (1.0.1)
    pry (0.12.2)
      coderay (~> 1.1.0)
      method_source (~> 0.9.0)
    public_suffix (3.1.1)
    rbnacl (3.4.0)
      ffi
    representable (3.0.4)
      declarative (< 0.1.0)
      declarative-option (< 0.2.0)
      uber (< 0.2.0)
    rest-client (2.1.0.rc1)
      http-accept (>= 1.7.0, < 2.0)
      http-cookie (>= 1.0.2, < 2.0)
      mime-types (>= 1.16, < 4.0)
      netrc (~> 0.8)
    retriable (3.1.2)
    signet (0.11.0)
      addressable (~> 2.3)
      faraday (~> 0.9)
      jwt (>= 1.5, < 3.0)
      multi_json (~> 1.10)
    uber (0.1.0)
    unf (0.1.4)
      unf_ext
    unf_ext (0.0.7.6)
    webrobots (0.1.2)
    websocket (1.2.8)
    websocket-client-simple (0.3.0)
      event_emitter
      websocket

PLATFORMS
  ruby

DEPENDENCIES
  discordrb
  google_drive
  httparty
  mechanize
  nokogiri
  pry

BUNDLED WITH
   2.0.2
